PATH
  remote: .
  specs:
    log_agent (1.3.2)
      amqp (~> 1.3)
      daemons (~> 1.1.8)
      eventmachine (~> 1.0.3)
      eventmachine-tail
      json (= 1.5.1)
      uuid (~> 2.3.5)

GEM
  remote: http://rubygems.org/
  specs:
    amq-protocol (1.9.2)
    amqp (1.3.0)
      amq-protocol (>= 1.9.2)
      eventmachine
    daemons (1.1.9)
    diff-lcs (1.1.3)
    evented-spec (0.9.0)
    eventmachine (1.0.3)
    eventmachine-tail (0.6.4)
      eventmachine
    json (1.5.1)
    macaddr (1.6.7)
      systemu (~> 2.6.2)
    rspec (2.8.0)
      rspec-core (~> 2.8.0)
      rspec-expectations (~> 2.8.0)
      rspec-mocks (~> 2.8.0)
    rspec-core (2.8.0)
    rspec-expectations (2.8.0)
      diff-lcs (~> 1.1.2)
    rspec-mocks (2.8.0)
    systemu (2.6.4)
    timecop (0.6.1)
    uuid (2.3.7)
      macaddr (~> 1.0)

PLATFORMS
  ruby

DEPENDENCIES
  evented-spec
  log_agent!
  rspec
  timecop
