PATH
  remote: .
  specs:
    log_agent (1.1.4rc1)
      amqp
      daemons
      eventmachine
      eventmachine-tail
      json
      uuid

GEM
  remote: http://rubygems.org/
  specs:
    amq-client (0.9.2)
      amq-protocol (>= 0.9.0)
      eventmachine
    amq-protocol (1.6.0)
    amqp (0.9.4)
      amq-client (~> 0.9.2)
      amq-protocol (>= 0.9.0)
      eventmachine
    daemons (1.1.9)
    diff-lcs (1.1.3)
    evented-spec (0.9.0)
    eventmachine (1.0.0)
    eventmachine-tail (0.6.3)
      eventmachine
    json (1.8.0)
    macaddr (1.6.1)
      systemu (~> 2.5.0)
    rspec (2.8.0)
      rspec-core (~> 2.8.0)
      rspec-expectations (~> 2.8.0)
      rspec-mocks (~> 2.8.0)
    rspec-core (2.8.0)
    rspec-expectations (2.8.0)
      diff-lcs (~> 1.1.2)
    rspec-mocks (2.8.0)
    systemu (2.5.2)
    timecop (0.6.1)
    uuid (2.3.7)
      macaddr (~> 1.0)

PLATFORMS
  ruby

DEPENDENCIES
  evented-spec
  log_agent!
  rspec
  timecop
