PATH
  remote: .
  specs:
    log_agent (1.4.1)
      amq-protocol (= 1.9.2)
      amqp (~> 1.3)
      daemons (~> 1.1.8)
      eventmachine (~> 0.12.10)
      eventmachine-tail (~> 0.6.3)
      json (~> 1.5.4)
      uuid (~> 2.3.5)

GEM
  remote: http://rubygems.org/
  specs:
    amq-protocol (1.9.2)
    amqp (1.5.0)
      amq-protocol (>= 1.9.2)
      eventmachine
    daemons (1.1.9)
    diff-lcs (1.1.3)
    evented-spec (0.9.0)
    eventmachine (0.12.10)
    eventmachine-tail (0.6.4)
      eventmachine
    json (1.5.5)
    macaddr (1.7.1)
      systemu (~> 2.6.2)
    rspec (2.8.0)
      rspec-core (~> 2.8.0)
      rspec-expectations (~> 2.8.0)
      rspec-mocks (~> 2.8.0)
    rspec-core (2.8.0)
    rspec-expectations (2.8.0)
      diff-lcs (~> 1.1.2)
    rspec-mocks (2.8.0)
    systemu (2.6.5)
    timecop (0.6.1)
    uuid (2.3.8)
      macaddr (~> 1.0)

PLATFORMS
  ruby

DEPENDENCIES
  evented-spec
  log_agent!
  rspec
  timecop
